GEM
  remote: https://rubygems.org/
  specs:
    CFPropertyList (2.2.0)
    awesome_print (1.1.0)
    briar (0.0.2)
      CFPropertyList
      builder
      bundler
      calabash-cucumber
      cucumber
      diff-lcs
      geocoder
      gherkin
      json
      location-one
      net-http-persistent
      rack
      rack-protection
      rake (= 10.0.3)
      rubygems-bundler
      sim_launcher
      sinatra
      slowhandcuke
      syntax
      tilt
    builder (3.2.0)
    calabash-cucumber (0.9.133)
      CFPropertyList
      awesome_print
      bundler (~> 1.1)
      cucumber
      httpclient (= 2.3.2)
      json
      location-one (~> 0.0.9)
      run_loop (= 0.0.5)
      sim_launcher (= 0.4.6)
      slowhandcuke
    cucumber (1.2.2)
      builder (>= 2.1.2)
      diff-lcs (>= 1.1.3)
      gherkin (~> 2.11.6)
      multi_json (~> 1.3)
    diff-lcs (1.2.1)
    geocoder (1.1.6)
    gherkin (2.11.6)
      json (>= 1.7.6)
    httpclient (2.3.2)
    json (1.7.7)
    location-one (0.0.9)
      geocoder (~> 1.1)
      httpclient (= 2.3.2)
      json
    multi_json (1.6.1)
    net-http-persistent (2.8)
    rack (1.5.2)
    rack-protection (1.4.0)
      rack
    rake (10.0.3)
    rspec (2.13.0)
      rspec-core (~> 2.13.0)
      rspec-expectations (~> 2.13.0)
      rspec-mocks (~> 2.13.0)
    rspec-core (2.13.0)
    rspec-expectations (2.13.0)
      diff-lcs (>= 1.1.3, < 2.0)
    rspec-mocks (2.13.0)
    rubygems-bundler (1.1.1)
    run_loop (0.0.5)
      thor
    rvm (1.11.3.6)
    sim_launcher (0.4.6)
      sinatra
    sinatra (1.3.5)
      rack (~> 1.4)
      rack-protection (~> 1.3)
      tilt (~> 1.3, >= 1.3.3)
    slowhandcuke (0.0.3)
      cucumber
    syntax (1.0.0)
    thor (0.17.0)
    tilt (1.3.4)

PLATFORMS
  ruby

DEPENDENCIES
  CFPropertyList
  briar
  builder
  bundler
  calabash-cucumber (= 0.9.133)
  cucumber (= 1.2.2)
  diff-lcs
  geocoder
  gherkin
  json
  location-one
  net-http-persistent
  rack
  rack-protection
  rake
  rspec
  rubygems-bundler
  rvm
  sim_launcher
  sinatra
  slowhandcuke
  syntax
  tilt
